PATH
  remote: .
  specs:
    cognalys (0.0.1)
      rest-client (~> 1.6)

GEM
  remote: https://rubygems.org/
  specs:
    mime-types (1.25.1)
    rake (10.4.2)
    rest-client (1.6.7)
      mime-types (>= 1.16)

PLATFORMS
  ruby

DEPENDENCIES
  bundler (~> 1.7)
  cognalys!
  rake (~> 10.0)
